GEM
  remote: http://rubygems.org/
  remote: http://gems.github.com/
  specs:
    actionmailer (2.2.2)
      actionpack (= 2.2.2)
    actionpack (2.2.2)
      activesupport (= 2.2.2)
    activerecord (2.2.2)
      activesupport (= 2.2.2)
    activeresource (2.2.2)
      activesupport (= 2.2.2)
    activesupport (2.2.2)
    andre-geokit (1.5.0)
    graticule (0.2.8)
      activesupport
    haml (2.0.9)
    hpricot (0.6.164)
    mysql (2.8.1)
    rails (2.2.2)
      actionmailer (= 2.2.2)
      actionpack (= 2.2.2)
      activerecord (= 2.2.2)
      activeresource (= 2.2.2)
      activesupport (= 2.2.2)
      rake (>= 0.8.3)
    rake (0.9.2)

PLATFORMS
  ruby

DEPENDENCIES
  andre-geokit
  graticule (= 0.2.8)
  haml (= 2.0.9)
  hpricot (= 0.6.164)
  mysql
  rails (= 2.2.2)
